GEM
  remote: http://rubygems.org/
  specs:
    addressable (2.2.4)
    compass (0.10.6)
      haml (>= 3.0.4)
    configuration (1.2.0)
    faraday (0.5.6)
      addressable (~> 2.2.4)
      multipart-post (~> 1.1.0)
      rack (>= 1.1.0, < 2)
    faraday_middleware (0.3.2)
      faraday (~> 0.5.4)
    haml (3.0.25)
    hashie (1.0.0)
    heroku (1.17.14)
      json (~> 1.4.6)
      launchy (~> 0.3.2)
      rest-client (>= 1.4.0, < 1.7.0)
    json (1.4.6)
    launchy (0.3.7)
      configuration (>= 0.0.5)
      rake (>= 0.8.1)
    mime-types (1.16)
    multi_json (0.0.5)
    multi_xml (0.2.1)
    multipart-post (1.1.0)
    rack (1.2.1)
    rake (0.8.7)
    rest-client (1.6.1)
      mime-types (>= 1.16)
    shotgun (0.8)
      rack (>= 1.0)
    simple_oauth (0.1.4)
    sinatra (1.1.2)
      rack (~> 1.1)
      tilt (~> 1.2)
    tilt (1.2.2)
    twitter (1.1.2)
      faraday (~> 0.5.4)
      faraday_middleware (~> 0.3.1)
      hashie (~> 1.0.0)
      multi_json (~> 0.0.5)
      multi_xml (~> 0.2.0)
      simple_oauth (~> 0.1.3)

PLATFORMS
  ruby

DEPENDENCIES
  compass
  haml
  heroku
  shotgun
  sinatra
  twitter
